PATH
  remote: .
  specs:
    xvert (0.1.0)
      json (~> 2.6.0)
      thor (~> 1.2.0)
      toml-rb (~> 2.2.0)
      yaml (~> 0.2.0)

GEM
  remote: https://rubygems.org/
  specs:
    ast (2.4.2)
    citrus (3.0.2)
    json (2.6.3)
    minitest (5.18.0)
    parallel (1.23.0)
    parser (3.2.2.1)
      ast (~> 2.4.1)
    rainbow (3.1.1)
    rake (13.0.6)
    regexp_parser (2.8.0)
    rexml (3.2.5)
    rubocop (1.50.2)
      json (~> 2.3)
      parallel (~> 1.10)
      parser (>= 3.2.0.0)
      rainbow (>= 2.2.2, < 4.0)
      regexp_parser (>= 1.8, < 3.0)
      rexml (>= 3.2.5, < 4.0)
      rubocop-ast (>= 1.28.0, < 2.0)
      ruby-progressbar (~> 1.7)
      unicode-display_width (>= 2.4.0, < 3.0)
    rubocop-ast (1.28.1)
      parser (>= 3.2.1.0)
    ruby-progressbar (1.13.0)
    thor (1.2.1)
    toml-rb (2.2.0)
      citrus (~> 3.0, > 3.0)
    unicode-display_width (2.4.2)
    yaml (0.2.1)

PLATFORMS
  arm64-darwin-21
  x86_64-linux

DEPENDENCIES
  minitest (~> 5.0)
  rake (~> 13.0)
  rubocop (~> 1.21)
  xvert!

BUNDLED WITH
   2.4.6
